GEM
  remote: https://rubygems.org/
  specs:
    actioncable (5.2.4.1)
      actionpack (= 5.2.4.1)
      nio4r (~> 2.0)
      websocket-driver (>= 0.6.1)
    actionmailer (5.2.4.1)
      actionpack (= 5.2.4.1)
      actionview (= 5.2.4.1)
      activejob (= 5.2.4.1)
      mail (~> 2.5, >= 2.5.4)
      rails-dom-testing (~> 2.0)
    actionpack (5.2.4.1)
      actionview (= 5.2.4.1)
      activesupport (= 5.2.4.1)
      rack (~> 2.0, >= 2.0.8)
      rack-test (>= 0.6.3)
      rails-dom-testing (~> 2.0)
      rails-html-sanitizer (~> 1.0, >= 1.0.2)
    actionview (5.2.4.1)
      activesupport (= 5.2.4.1)
      builder (~> 3.1)
      erubi (~> 1.4)
      rails-dom-testing (~> 2.0)
      rails-html-sanitizer (~> 1.0, >= 1.0.3)
    activejob (5.2.4.1)
      activesupport (= 5.2.4.1)
      globalid (>= 0.3.6)
    activemodel (5.2.4.1)
      activesupport (= 5.2.4.1)
    activerecord (5.2.4.1)
      activemodel (= 5.2.4.1)
      activesupport (= 5.2.4.1)
      arel (>= 9.0)
    activerecord-nulldb-adapter (0.4.0)
      activerecord (>= 2.0.0)
    activestorage (5.2.4.1)
      actionpack (= 5.2.4.1)
      activerecord (= 5.2.4.1)
      marcel (~> 0.3.1)
    activesupport (5.2.4.1)
      concurrent-ruby (~> 1.0, >= 1.0.2)
      i18n (>= 0.7, < 2)
      minitest (~> 5.1)
      tzinfo (~> 1.1)
    addressable (2.7.0)
      public_suffix (>= 2.0.2, < 5.0)
    api-pagination (4.8.2)
    archive-zip (0.12.0)
      io-like (~> 0.3.0)
    arel (9.0.0)
    ast (2.4.0)
    awesome_print (1.8.0)
    awesome_rails_console (0.4.3)
      awesome_print
      pry-rails
      railties
    axiom-types (0.1.1)
      descendants_tracker (~> 0.0.4)
      ice_nine (~> 0.11.0)
      thread_safe (~> 0.3, >= 0.3.1)
    bcrypt (3.1.13)
    better_errors (2.5.1)
      coderay (>= 1.0.0)
      erubi (>= 1.0.0)
      rack (>= 0.9.0)
    bindex (0.8.1)
    binding_of_caller (0.8.0)
      debug_inspector (>= 0.0.1)
    bootsnap (1.4.5)
      msgpack (~> 1.0)
    builder (3.2.4)
    byebug (11.0.1)
    capybara (3.29.0)
      addressable
      mini_mime (>= 0.1.3)
      nokogiri (~> 1.8)
      rack (>= 1.6.0)
      rack-test (>= 0.6.3)
      regexp_parser (~> 1.5)
      xpath (~> 3.2)
    carrierwave (2.0.2)
      activemodel (>= 5.0.0)
      activesupport (>= 5.0.0)
      addressable (~> 2.6)
      image_processing (~> 1.1)
      mimemagic (>= 0.3.0)
      mini_mime (>= 0.1.3)
    childprocess (3.0.0)
    chromedriver-helper (2.1.1)
      archive-zip (~> 0.10)
      nokogiri (~> 1.8)
    coderay (1.1.2)
    coercible (1.0.0)
      descendants_tracker (~> 0.0.1)
    coffee-rails (4.2.2)
      coffee-script (>= 2.2.0)
      railties (>= 4.0.0)
    coffee-script (2.4.1)
      coffee-script-source
      execjs
    coffee-script-source (1.12.2)
    concurrent-ruby (1.1.5)
    crass (1.0.6)
    daemons (1.3.1)
    database_cleaner (1.7.0)
    debug_inspector (0.0.3)
    declarative (0.0.10)
    declarative-option (0.1.0)
    delayed_job (4.1.8)
      activesupport (>= 3.0, < 6.1)
    delayed_job_active_record (4.1.4)
      activerecord (>= 3.0, < 6.1)
      delayed_job (>= 3.0, < 5)
    descendants_tracker (0.0.4)
      thread_safe (~> 0.3, >= 0.3.1)
    devise (4.7.1)
      bcrypt (~> 3.0)
      orm_adapter (~> 0.1)
      railties (>= 4.1.0)
      responders
      warden (~> 1.2.3)
    diff-lcs (1.3)
    digest-crc (0.4.1)
    docile (1.3.2)
    domain_name (0.5.20190701)
      unf (>= 0.0.5, < 1.0.0)
    doorkeeper (5.2.3)
      railties (>= 5)
    dotenv (2.7.5)
    dotenv-rails (2.7.5)
      dotenv (= 2.7.5)
      railties (>= 3.2, < 6.1)
    equalizer (0.0.11)
    erubi (1.9.0)
    execjs (2.7.0)
    faker (2.9.0)
      i18n (>= 1.6, < 1.8)
    faraday (0.17.1)
      multipart-post (>= 1.2, < 3)
    ffi (1.11.3)
    formatador (0.2.5)
    globalid (0.4.2)
      activesupport (>= 4.2.0)
    google-api-client (0.36.1)
      addressable (~> 2.5, >= 2.5.1)
      googleauth (~> 0.9)
      httpclient (>= 2.8.1, < 3.0)
      mini_mime (~> 1.0)
      representable (~> 3.0)
      retriable (>= 2.0, < 4.0)
      signet (~> 0.12)
    google-cloud-core (1.4.1)
      google-cloud-env (~> 1.0)
    google-cloud-env (1.3.0)
      faraday (~> 0.11)
    google-cloud-storage (1.25.0)
      addressable (~> 2.5)
      digest-crc (~> 0.4)
      google-api-client (~> 0.33)
      google-cloud-core (~> 1.2)
      googleauth (~> 0.9)
      mini_mime (~> 1.0)
    googleauth (0.10.0)
      faraday (~> 0.12)
      jwt (>= 1.4, < 3.0)
      memoist (~> 0.16)
      multi_json (~> 1.11)
      os (>= 0.9, < 2.0)
      signet (~> 0.12)
    grape (1.2.5)
      activesupport
      builder
      mustermann-grape (~> 1.0.0)
      rack (>= 1.3.0)
      rack-accept
      virtus (>= 1.0.0)
    grape-entity (0.7.1)
      activesupport (>= 4.0)
      multi_json (>= 1.3.2)
    grape-middleware-logger (1.12.0)
      grape (>= 0.17)
    grape-swagger (0.33.0)
      grape (>= 0.16.2)
    grape-swagger-rails (0.3.1)
      railties (>= 3.2.12)
    grape_on_rails_routes (0.3.2)
      rails (>= 3.1.1)
    groupdate (4.2.0)
      activesupport (>= 5)
    guard (2.16.1)
      formatador (>= 0.2.4)
      listen (>= 2.7, < 4.0)
      lumberjack (>= 1.0.12, < 2.0)
      nenv (~> 0.1)
      notiffany (~> 0.0)
      pry (>= 0.9.12)
      shellany (~> 0.0)
      thor (>= 0.18.1)
    guard-compat (1.2.1)
    guard-rspec (4.7.3)
      guard (~> 2.1)
      guard-compat (~> 1.1)
      rspec (>= 2.99.0, < 4.0)
    hashie (4.0.0)
    hashie-forbidden_attributes (0.1.1)
      hashie (>= 3.0)
    http-accept (1.7.0)
    http-cookie (1.0.3)
      domain_name (~> 0.5)
    httpclient (2.8.3)
    i18n (1.7.0)
      concurrent-ruby (~> 1.0)
    ice_nine (0.11.2)
    image_processing (1.10.0)
      mini_magick (>= 4.9.5, < 5)
      ruby-vips (>= 2.0.13, < 3)
    io-like (0.3.0)
    jaro_winkler (1.5.4)
    jbuilder (2.9.1)
      activesupport (>= 4.2.0)
    json (2.3.0)
    jwt (2.2.1)
    kaminari (1.1.1)
      activesupport (>= 4.1.0)
      kaminari-actionview (= 1.1.1)
      kaminari-activerecord (= 1.1.1)
      kaminari-core (= 1.1.1)
    kaminari-actionview (1.1.1)
      actionview
      kaminari-core (= 1.1.1)
    kaminari-activerecord (1.1.1)
      activerecord
      kaminari-core (= 1.1.1)
    kaminari-core (1.1.1)
    listen (3.1.5)
      rb-fsevent (~> 0.9, >= 0.9.4)
      rb-inotify (~> 0.9, >= 0.9.7)
      ruby_dep (~> 1.2)
    loofah (2.19.1)
      crass (~> 1.0.2)
      nokogiri (>= 1.5.9)
    lumberjack (1.0.13)
    mail (2.7.1)
      mini_mime (>= 0.1.1)
    marcel (0.3.3)
      mimemagic (~> 0.3.2)
    memoist (0.16.2)
    method_source (0.9.2)
    mime-types (3.3)
      mime-types-data (~> 3.2015)
    mime-types-data (3.2019.1009)
    mimemagic (0.3.10)
      nokogiri (~> 1)
      rake
    mini_magick (4.9.5)
    mini_mime (1.0.2)
    mini_portile2 (2.6.1)
    minitest (5.13.0)
    msgpack (1.3.1)
    multi_json (1.14.1)
    multi_xml (0.6.0)
    multipart-post (2.1.1)
    mustermann (1.0.3)
    mustermann-grape (1.0.0)
      mustermann (~> 1.0.0)
    nenv (0.3.0)
    netrc (0.11.0)
    nio4r (2.5.2)
    nokogiri (1.12.5)
      mini_portile2 (~> 2.6.1)
      racc (~> 1.4)
    notiffany (0.1.3)
      nenv (~> 0.1)
      shellany (~> 0.0)
    oauth2 (1.4.2)
      faraday (>= 0.8, < 2.0)
      jwt (>= 1.0, < 3.0)
      multi_json (~> 1.3)
      multi_xml (~> 0.5)
      rack (>= 1.2, < 3)
    orm_adapter (0.5.0)
    os (1.0.1)
    parallel (1.19.1)
    paranoia (2.4.2)
      activerecord (>= 4.0, < 6.1)
    parser (2.6.5.0)
      ast (~> 2.4.0)
    pg (1.1.4)
    pghero (2.4.1)
      activerecord (>= 5)
    pry (0.12.2)
      coderay (~> 1.1.0)
      method_source (~> 0.9.0)
    pry-rails (0.3.9)
      pry (>= 0.10.4)
    public_suffix (4.0.1)
    puma (3.12.2)
    racc (1.6.1)
    rack (2.0.8)
    rack-accept (0.4.5)
      rack (>= 0.4)
    rack-cors (1.1.0)
      rack (>= 2.0.0)
    rack-test (1.1.0)
      rack (>= 1.0, < 3)
    rails (5.2.4.1)
      actioncable (= 5.2.4.1)
      actionmailer (= 5.2.4.1)
      actionpack (= 5.2.4.1)
      actionview (= 5.2.4.1)
      activejob (= 5.2.4.1)
      activemodel (= 5.2.4.1)
      activerecord (= 5.2.4.1)
      activestorage (= 5.2.4.1)
      activesupport (= 5.2.4.1)
      bundler (>= 1.3.0)
      railties (= 5.2.4.1)
      sprockets-rails (>= 2.0.0)
    rails-dom-testing (2.0.3)
      activesupport (>= 4.2.0)
      nokogiri (>= 1.6)
    rails-html-sanitizer (1.4.4)
      loofah (~> 2.19, >= 2.19.1)
    railties (5.2.4.1)
      actionpack (= 5.2.4.1)
      activesupport (= 5.2.4.1)
      method_source
      rake (>= 0.8.7)
      thor (>= 0.19.0, < 2.0)
    rainbow (3.0.0)
    rake (13.0.1)
    rb-fsevent (0.10.3)
    rb-inotify (0.10.0)
      ffi (~> 1.0)
    regexp_parser (1.6.0)
    rename (1.0.6)
      activesupport
      rails (>= 3.0.0)
      thor (>= 0.19.1)
    representable (3.0.4)
      declarative (< 0.1.0)
      declarative-option (< 0.2.0)
      uber (< 0.2.0)
    responders (3.0.0)
      actionpack (>= 5.0)
      railties (>= 5.0)
    rest-client (2.1.0)
      http-accept (>= 1.7.0, < 2.0)
      http-cookie (>= 1.0.2, < 2.0)
      mime-types (>= 1.16, < 4.0)
      netrc (~> 0.8)
    retriable (3.1.2)
    rollbar (2.23.1)
    rspec (3.9.0)
      rspec-core (~> 3.9.0)
      rspec-expectations (~> 3.9.0)
      rspec-mocks (~> 3.9.0)
    rspec-core (3.9.0)
      rspec-support (~> 3.9.0)
    rspec-expectations (3.9.0)
      diff-lcs (>= 1.2.0, < 2.0)
      rspec-support (~> 3.9.0)
    rspec-mocks (3.9.0)
      diff-lcs (>= 1.2.0, < 2.0)
      rspec-support (~> 3.9.0)
    rspec-rails (3.9.0)
      actionpack (>= 3.0)
      activesupport (>= 3.0)
      railties (>= 3.0)
      rspec-core (~> 3.9.0)
      rspec-expectations (~> 3.9.0)
      rspec-mocks (~> 3.9.0)
      rspec-support (~> 3.9.0)
    rspec-support (3.9.0)
    rubocop (0.78.0)
      jaro_winkler (~> 1.5.1)
      parallel (~> 1.10)
      parser (>= 2.6)
      rainbow (>= 2.2.2, < 4.0)
      ruby-progressbar (~> 1.7)
      unicode-display_width (>= 1.4.0, < 1.7)
    rubocop-performance (1.5.1)
      rubocop (>= 0.71.0)
    ruby-progressbar (1.10.1)
    ruby-vips (2.0.16)
      ffi (~> 1.9)
    ruby_dep (1.5.0)
    rubyzip (2.0.0)
    sass (3.7.4)
      sass-listen (~> 4.0.0)
    sass-listen (4.0.0)
      rb-fsevent (~> 0.9, >= 0.9.4)
      rb-inotify (~> 0.9, >= 0.9.7)
    sass-rails (5.1.0)
      railties (>= 5.2.0)
      sass (~> 3.1)
      sprockets (>= 2.8, < 4.0)
      sprockets-rails (>= 2.0, < 4.0)
      tilt (>= 1.1, < 3)
    selenium-webdriver (3.142.6)
      childprocess (>= 0.5, < 4.0)
      rubyzip (>= 1.2.2)
    shellany (0.0.1)
    signet (0.12.0)
      addressable (~> 2.3)
      faraday (~> 0.9)
      jwt (>= 1.5, < 3.0)
      multi_json (~> 1.10)
    simplecov (0.17.1)
      docile (~> 1.1)
      json (>= 1.8, < 3)
      simplecov-html (~> 0.10.0)
    simplecov-html (0.10.2)
    spring (2.1.0)
    spring-watcher-listen (2.0.1)
      listen (>= 2.7, < 4.0)
      spring (>= 1.2, < 3.0)
    sprockets (3.7.2)
      concurrent-ruby (~> 1.0)
      rack (> 1, < 3)
    sprockets-rails (3.2.1)
      actionpack (>= 4.0)
      activesupport (>= 4.0)
      sprockets (>= 3.0.0)
    thor (1.0.1)
    thread_safe (0.3.6)
    tilt (2.0.10)
    turbolinks (5.2.1)
      turbolinks-source (~> 5.2)
    turbolinks-source (5.2.0)
    tzinfo (1.2.5)
      thread_safe (~> 0.1)
    uber (0.1.0)
    uglifier (4.2.0)
      execjs (>= 0.3.0, < 3)
    unf (0.1.4)
      unf_ext
    unf_ext (0.0.7.6)
    unicode-display_width (1.6.0)
    virtus (1.0.5)
      axiom-types (~> 0.1)
      coercible (~> 1.0)
      descendants_tracker (~> 0.0, >= 0.0.3)
      equalizer (~> 0.0, >= 0.0.9)
    warden (1.2.8)
      rack (>= 2.0.6)
    web-console (3.7.0)
      actionview (>= 5.0)
      activemodel (>= 5.0)
      bindex (>= 0.4.0)
      railties (>= 5.0)
    websocket-driver (0.7.1)
      websocket-extensions (>= 0.1.0)
    websocket-extensions (0.1.4)
    wine_bouncer (1.0.4)
      doorkeeper (>= 1.4, < 6.0)
      grape (>= 0.10, < 1.3)
    xpath (3.2.0)
      nokogiri (~> 1.8)

PLATFORMS
  ruby

DEPENDENCIES
  activerecord-nulldb-adapter
  api-pagination
  awesome_rails_console
  better_errors
  binding_of_caller
  bootsnap (>= 1.1.0)
  byebug
  capybara (>= 2.15)
  carrierwave
  chromedriver-helper
  coffee-rails (~> 4.2)
  daemons
  database_cleaner
  delayed_job_active_record
  devise
  doorkeeper
  dotenv-rails
  faker
  google-cloud-storage (~> 1.11)
  grape
  grape-entity
  grape-middleware-logger
  grape-swagger
  grape-swagger-rails
  grape_on_rails_routes
  groupdate
  guard-rspec
  hashie-forbidden_attributes
  image_processing (~> 1.0)
  jbuilder (~> 2.5)
  kaminari
  listen (>= 3.0.5, < 3.2)
  oauth2
  parallel (~> 1.19, >= 1.19.1)
  paranoia (~> 2.1)
  pg (>= 0.18, < 2.0)
  pghero
  puma (~> 3.11)
  rack-cors
  rails (~> 5.2.3)
  rename
  rest-client
  rollbar
  rspec-rails
  rubocop
  rubocop-performance
  sass-rails (~> 5.0)
  selenium-webdriver
  simplecov
  spring
  spring-watcher-listen (~> 2.0.0)
  turbolinks (~> 5)
  tzinfo-data
  uglifier (>= 1.3.0)
  web-console (>= 3.3.0)
  wine_bouncer

RUBY VERSION
   ruby 2.5.5p157

BUNDLED WITH
   1.17.3
